GEM
  specs:
    multi_json (1.0.3)
    oauth (0.4.5)
    rack (1.3.2)
    sinatra (1.2.6)
      rack (~> 1.1)
      tilt (< 2.0, >= 1.2.2)
    tilt (1.3.3)

PLATFORMS
  ruby

DEPENDENCIES
  multi_json
  oauth
  sinatra
